GIT
  remote: git://github.com/distler/maruku.git
  revision: 23c4e183e9497861a6c0f9a0c0393997fcff539e
  branch: nokogiri
  specs:
    maruku (0.7.1.beta1)
      nokogiri (~> 1.5, >= 1.5.6)

GIT
  remote: git://github.com/distler/syntax.git
  revision: 00f4f0643be4b82cd3858792de6134027ee6e95d
  specs:
    syntax (1.1.0)

GEM
  remote: http://rubygems.org/
  specs:
    RedCloth (4.2.9)
    erubis (2.7.0)
    file_signature (1.2.0)
    iconv (1.0.3)
    itextomml (1.4.11)
    json (1.8.1)
    nokogiri (1.5.10)
    rack (1.5.2)
    rake (10.1.0)
    rdoc (4.0.1)
      json (~> 1.4)
    rdoc-data (4.0.1)
      rdoc (~> 4.0)
    rubyzip (0.9.9)
    sqlite3 (1.3.8)

PLATFORMS
  ruby

DEPENDENCIES
  RedCloth (>= 4.0.0)
  erubis
  file_signature (~> 1.2.0)
  iconv
  itextomml (>= 1.4.11)
  json
  maruku!
  nokogiri (~> 1.5.6)
  rack (>= 1.1.3)
  rake
  rdoc
  rdoc-data
  rubyzip (~> 0.9.9)
  sqlite3
  syntax!
